GIT
  remote: git://github.com/daitss/datyl.git
  revision: 426c36df31f415632daf31f1194d5aeb3e1008de
  specs:
    datyl (0.1.4)

GEM
  remote: http://rubygems.org/
  specs:
    builder (3.2.2)
    columnize (0.3.6)
    cucumber (1.3.2)
      builder (>= 2.1.2)
      diff-lcs (>= 1.1.3)
      gherkin (~> 2.12.0)
      multi_json (~> 1.3)
    daemons (1.1.9)
    debugger (1.6.0)
      columnize (>= 0.3.1)
      debugger-linecache (~> 1.2.0)
      debugger-ruby_core_source (~> 1.2.1)
    debugger-linecache (1.2.0)
    debugger-ruby_core_source (1.2.2)
    diff-lcs (1.2.4)
    eventmachine (1.0.3)
    gherkin (2.12.0)
      multi_json (~> 1.3)
    haml (4.0.3)
      tilt
    libxml-ruby (2.6.0)
    libxslt-ruby (1.1.0)
      libxml-ruby (>= 2.4.0)
    log4r (1.1.10)
    multi_json (1.7.6)
    rack (1.5.2)
    rack-protection (1.5.0)
      rack
    rack-test (0.6.2)
      rack (>= 1.0)
    rjb (1.4.6)
    rspec (2.13.0)
      rspec-core (~> 2.13.0)
      rspec-expectations (~> 2.13.0)
      rspec-mocks (~> 2.13.0)
    rspec-core (2.13.1)
    rspec-expectations (2.13.0)
      diff-lcs (>= 1.1.3, < 2.0)
    rspec-mocks (2.13.1)
    semver (1.0.1)
    sinatra (1.4.2)
      rack (~> 1.5, >= 1.5.2)
      rack-protection (~> 1.4)
      tilt (~> 1.3, >= 1.3.4)
    thin (1.5.1)
      daemons (>= 1.0.9)
      eventmachine (>= 0.12.6)
      rack (>= 1.0.0)
    tilt (1.4.1)

PLATFORMS
  ruby

DEPENDENCIES
  cucumber
  datyl!
  debugger
  haml
  libxml-ruby
  libxslt-ruby
  log4r
  rack-test
  rjb
  rspec
  semver
  sinatra
  thin
